GEM
  remote: https://rubygems.org/
  specs:
    daemons (1.1.9)
    eventmachine (1.0.3)
    glutton_ratelimit (0.2.0)
    httpclient (2.3.4.1)
    json (1.8.1)
    multi_json (1.9.2)
    neography (1.3.12)
      httpclient (>= 2.3.3)
      json (>= 1.7.7)
      multi_json (>= 1.3.2)
      os (>= 0.9.6)
      rake (>= 0.8.7)
      rubyzip (>= 1.0.0)
    oj (2.6.0)
    os (0.9.6)
    rack (1.5.2)
    rack-protection (1.5.2)
      rack
    rake (10.1.1)
    rubyzip (1.1.2)
    sinatra (1.4.4)
      rack (~> 1.4)
      rack-protection (~> 1.4)
      tilt (~> 1.3, >= 1.3.4)
    slim (2.0.2)
      temple (~> 0.6.6)
      tilt (>= 1.3.3, < 2.1)
    temple (0.6.7)
    thin (1.6.2)
      daemons (>= 1.0.9)
      eventmachine (>= 1.0.0)
      rack (>= 1.0.0)
    tilt (1.4.1)

PLATFORMS
  ruby

DEPENDENCIES
  glutton_ratelimit
  neography
  oj
  sinatra
  slim
  thin
  tilt (~> 1.4.1)
